{
    "TaskName": "sepRate",
    "SamplingFrequency": 20000,
    "PowerLineFrequency": 50,
    "SoftwareFilters": "n/a",
    "HardwareFilters": {
        "HighpassFilter": {
            "CutoffFrequency": 5
        },
        "LowpassFilter": {
            "CutoffFrequency": 5000
        }
    },
    "Manufacturer": "Inomed Medizintechnik GmbH",
    "ManufacturersModelName": "Inomed ISIS System",
    "TaskDescription": "Medianus left stimulation at 20.70 Hz",
    "InstitutionName": "Department of Neurosurgery, University Hospital Zurich",
    "InstitutionAddress": "Frauenklinikstrasse 10, 8091 Zurich",
    "EEGChannelCount": 4,
    "EOGChannelCount": 0,
    "ECGChannelCount": 0,
    "EMGChannelCount": 0,
    "MiscChannelCount": 0,
    "TriggerChannelCount": 0,
    "RecordingDuration": 72.70005,
    "RecordingType": "continuous",
    "SubjectArtefactDescription": "",
    "SoftwareVersions": "n/a",
    "EEGReference": "AFz"
}